GEM
  remote: https://rubygems.org/
  specs:
    celluloid (0.12.3)
      facter (>= 1.6.12)
      timers (>= 1.0.0)
    diff-lcs (1.1.3)
    facter (1.6.16)
    httparty (0.9.0)
      multi_json (~> 1.0)
      multi_xml
    json (1.7.3)
    json (1.7.3-java)
    multi_json (1.4.0)
    multi_xml (0.5.1)
    rake (0.9.2.2)
    rspec (2.12.0)
      rspec-core (~> 2.12.0)
      rspec-expectations (~> 2.12.0)
      rspec-mocks (~> 2.12.0)
    rspec-core (2.12.0)
    rspec-expectations (2.12.0)
      diff-lcs (~> 1.1.3)
    rspec-mocks (2.12.0)
    timecop (0.5.4)
    timers (1.0.1)

PLATFORMS
  java
  ruby

DEPENDENCIES
  celluloid
  httparty
  json
  rake
  rspec
  timecop
